GEM
  remote: https://rubygems.org/
  specs:
    minitest (5.14.4)
    minitest-around (0.5.0)
      minitest (~> 5.0)

PLATFORMS
  ruby

DEPENDENCIES
  minitest-around

BUNDLED WITH
   2.1.4
